GIT
  remote: https://github.com/hellcp/jekyll-locale.git
  revision: 1a9ba57cfc11d2ee1abadab2bb2b30601317a2c1
  ref: 1a9ba57
  specs:
    jekyll-locale (0.5.1)
      jekyll (>= 3.8, < 5.0)

GIT
  remote: https://github.com/opensuse/jekyll-theme.git
  revision: 9327ee3794c9dddde49b9f7c25db95a281c9a551
  branch: l10n-feat
  specs:
    jekyll-theme-opensuse (0.7.1)
      jekyll
      jekyll-archives
      jekyll-paginate

GEM
  remote: https://rubygems.org/
  specs:
    activesupport (7.1.3.3)
      base64
      bigdecimal
      concurrent-ruby (~> 1.0, >= 1.0.2)
      connection_pool (>= 2.2.5)
      drb
      i18n (>= 1.6, < 2)
      minitest (>= 5.1)
      mutex_m
      tzinfo (~> 2.0)
    addressable (2.8.6)
      public_suffix (>= 2.0.2, < 6.0)
    base64 (0.2.0)
    bigdecimal (3.1.8)
    colorator (1.1.0)
    concurrent-ruby (1.3.1)
    connection_pool (2.4.1)
    drb (2.2.1)
    em-websocket (0.5.3)
      eventmachine (>= 0.12.9)
      http_parser.rb (~> 0)
    eventmachine (1.2.7)
    ffi (1.16.3)
    forwardable-extended (2.6.0)
    google-protobuf (4.27.0-x86_64-linux)
      bigdecimal
      rake (>= 13)
    http_parser.rb (0.8.0)
    i18n (1.14.5)
      concurrent-ruby (~> 1.0)
    icalendar (2.10.1)
      ice_cube (~> 0.16)
    icalendar-recurrence (1.2.0)
      icalendar (~> 2.0)
      ice_cube (~> 0.16)
      tzinfo (~> 2.0)
    ice_cube (0.16.4)
    jekyll (4.3.3)
      addressable (~> 2.4)
      colorator (~> 1.0)
      em-websocket (~> 0.5)
      i18n (~> 1.0)
      jekyll-sass-converter (>= 2.0, < 4.0)
      jekyll-watch (~> 2.0)
      kramdown (~> 2.3, >= 2.3.1)
      kramdown-parser-gfm (~> 1.0)
      liquid (~> 4.0)
      mercenary (>= 0.3.6, < 0.5)
      pathutil (~> 0.9)
      rouge (>= 3.0, < 5.0)
      safe_yaml (~> 1.0)
      terminal-table (>= 1.8, < 4.0)
      webrick (~> 1.7)
    jekyll-archives (2.2.1)
      jekyll (>= 3.6, < 5.0)
    jekyll-paginate (1.1.0)
    jekyll-redirect-from (0.16.0)
      jekyll (>= 3.3, < 5.0)
    jekyll-sass-converter (3.0.0)
      sass-embedded (~> 1.54)
    jekyll-watch (2.2.1)
      listen (~> 3.0)
    kramdown (2.4.0)
      rexml
    kramdown-parser-gfm (1.1.0)
      kramdown (~> 2.0)
    liquid (4.0.4)
    listen (3.9.0)
      rb-fsevent (~> 0.10, >= 0.10.3)
      rb-inotify (~> 0.9, >= 0.9.10)
    mercenary (0.4.0)
    minitest (5.23.1)
    mutex_m (0.2.0)
    pathutil (0.16.2)
      forwardable-extended (~> 2.6)
    public_suffix (5.0.5)
    rake (13.2.1)
    rb-fsevent (0.11.2)
    rb-inotify (0.11.1)
      ffi (~> 1.0)
    rexml (3.2.8)
      strscan (>= 3.0.9)
    rouge (4.2.1)
    rss (0.3.0)
      rexml
    safe_yaml (1.0.5)
    sass-embedded (1.77.2-x86_64-linux-gnu)
      google-protobuf (>= 3.25, < 5.0)
    strscan (3.1.0)
    terminal-table (3.0.2)
      unicode-display_width (>= 1.1.1, < 3)
    tzinfo (2.0.6)
      concurrent-ruby (~> 1.0)
    unicode-display_width (2.5.0)
    webrick (1.8.1)

PLATFORMS
  x86_64-linux

DEPENDENCIES
  activesupport
  icalendar-recurrence
  jekyll
  jekyll-locale!
  jekyll-redirect-from
  jekyll-theme-opensuse!
  rss
  webrick

BUNDLED WITH
   2.2.6
